GIT
  remote: https://github.com/jekyll/jekyll-feed
  revision: c2462e5212e55505e5f5b8255d80b0507b9a4f35
  specs:
    jekyll-feed (0.12.1)
      jekyll (>= 3.7, < 5.0)

GIT
  remote: https://github.com/jekyll/jekyll-paginate
  revision: 680e8bdc7c5a912b397d98b4c3a05cccb0c03ef2
  specs:
    jekyll-paginate (1.1.0)

GIT
  remote: https://github.com/jekyll/jekyll-redirect-from
  revision: 21d18e0751df69a0d1a6951cb3462c77f291201b
  specs:
    jekyll-redirect-from (0.15.0)
      jekyll (>= 3.3, < 5.0)

GIT
  remote: https://github.com/jekyll/jekyll-seo-tag
  revision: a937289d05dedd610d4513ae3eda877a59079c4f
  specs:
    jekyll-seo-tag (2.6.1)
      jekyll (>= 3.3, < 5.0)

GIT
  remote: https://github.com/jekyll/jekyll-sitemap
  revision: c3fca1fa6a87ad81d46c207123e226b8a542d08d
  specs:
    jekyll-sitemap (1.3.1)
      jekyll (>= 3.7, < 5.0)

GIT
  remote: https://github.com/jekyll/jemoji
  revision: 07169682bc59eada98a25d2ac0d6e2bc7157ebc1
  specs:
    jemoji (0.11.1)
      gemoji (~> 3.0)
      html-pipeline (~> 2.2)
      jekyll (>= 3.0, < 5.0)

GEM
  remote: https://rubygems.org/
  specs:
    activesupport (6.0.1)
      concurrent-ruby (~> 1.0, >= 1.0.2)
      i18n (>= 0.7, < 2)
      minitest (~> 5.1)
      tzinfo (~> 1.1)
      zeitwerk (~> 2.2)
    addressable (2.7.0)
      public_suffix (>= 2.0.2, < 5.0)
    colorator (1.1.0)
    concurrent-ruby (1.1.5)
    em-websocket (0.5.1)
      eventmachine (>= 0.12.9)
      http_parser.rb (~> 0.6.0)
    eventmachine (1.2.7)
    ffi (1.11.2)
    forwardable-extended (2.6.0)
    gemoji (3.0.1)
    html-pipeline (2.12.0)
      activesupport (>= 2)
      nokogiri (>= 1.10.8)
    http_parser.rb (0.6.0)
    i18n (1.7.0)
      concurrent-ruby (~> 1.0)
    jekyll (4.0.0)
      addressable (~> 2.4)
      colorator (~> 1.0)
      em-websocket (~> 0.5)
      i18n (>= 0.9.5, < 2)
      jekyll-sass-converter (~> 2.0)
      jekyll-watch (~> 2.0)
      kramdown (~> 2.1)
      kramdown-parser-gfm (~> 1.0)
      liquid (~> 4.0)
      mercenary (~> 0.3.3)
      pathutil (~> 0.9)
      rouge (~> 3.0)
      safe_yaml (~> 1.0)
      terminal-table (~> 1.8)
    jekyll-sass-converter (2.0.1)
      sassc (> 2.0.1, < 3.0)
    jekyll-watch (2.2.1)
      listen (~> 3.0)
    kramdown (2.1.0)
    kramdown-parser-gfm (1.1.0)
      kramdown (~> 2.0)
    liquid (4.0.3)
    listen (3.2.0)
      rb-fsevent (~> 0.10, >= 0.10.3)
      rb-inotify (~> 0.9, >= 0.9.10)
    mercenary (0.3.6)
    mini_portile2 (2.4.0)
    minitest (5.13.0)
    nokogiri (1.10.8)
      mini_portile2 (~> 2.4.0)
    pathutil (0.16.2)
      forwardable-extended (~> 2.6)
    public_suffix (4.0.1)
    rb-fsevent (0.10.3)
    rb-inotify (0.10.0)
      ffi (~> 1.0)
    rouge (3.13.0)
    safe_yaml (1.0.5)
    sassc (2.2.1)
      ffi (~> 1.9)
    terminal-table (1.8.0)
      unicode-display_width (~> 1.1, >= 1.1.1)
    thread_safe (0.3.6)
    tzinfo (1.2.5)
      thread_safe (~> 0.1)
    unicode-display_width (1.6.0)
    zeitwerk (2.2.1)

PLATFORMS
  ruby

DEPENDENCIES
  jekyll-feed!
  jekyll-paginate!
  jekyll-redirect-from!
  jekyll-seo-tag!
  jekyll-sitemap!
  jemoji!

BUNDLED WITH
   2.0.2
